

GROUP Analyzers
NUGET
  remote: http://www.nuget.org/api/v2
    AsyncUsageAnalyzers (1.0.0-alpha003)
    Gu.Analyzers (1.2.18-dev)
    IDisposableAnalyzers (2.0.3.3)
    PropertyChangedAnalyzers (2.5.12.5)
    StyleCop.Analyzers (1.0.2)
    WpfAnalyzers (2.1.7.1)
